GEM
  remote: https://rubygems.org/
  specs:
    awesome_print (1.7.0)
    backports (3.6.8)
    kgio (2.10.0)
    mina (0.3.8)
      open4 (~> 1.3.4)
      rake
    mina-unicorn (0.4.0)
    mini_portile2 (2.1.0)
    multi_json (1.12.1)
    nokogiri (1.6.8)
      mini_portile2 (~> 2.1.0)
      pkg-config (~> 1.1.7)
    open4 (1.3.4)
    pkg-config (1.1.7)
    rack (1.6.4)
    rack-protection (1.5.3)
      rack
    rack-test (0.6.3)
      rack (>= 1.0)
    raindrops (0.16.0)
    rake (11.2.2)
    sinatra (1.4.7)
      rack (~> 1.5)
      rack-protection (~> 1.4)
      tilt (>= 1.3, < 3)
    sinatra-contrib (1.4.7)
      backports (>= 2.0)
      multi_json
      rack-protection
      rack-test
      sinatra (~> 1.4.0)
      tilt (>= 1.3, < 3)
    tilt (2.0.5)
    unicorn (5.1.0)
      kgio (~> 2.6)
      raindrops (~> 0.7)

PLATFORMS
  ruby

DEPENDENCIES
  awesome_print
  mina
  mina-unicorn
  nokogiri
  rack (~> 1.5)
  sinatra
  sinatra-contrib
  unicorn

BUNDLED WITH
   1.11.2
